PATH
  remote: .
  specs:
    daru (0.0.5)

GEM
  remote: https://rubygems.org/
  specs:
    awesome_print (1.2.0)
    backports (3.6.4)
    diff-lcs (1.2.5)
    json (1.8.1)
    nmatrix (0.1.0)
      packable (~> 1.3, >= 1.3.5)
      rdoc (~> 4.0, >= 4.0.1)
    nyaplot (0.1.3)
    packable (1.3.6)
      backports
    rake (10.4.2)
    rdoc (4.1.2)
      json (~> 1.4)
    rspec (3.1.0)
      rspec-core (~> 3.1.0)
      rspec-expectations (~> 3.1.0)
      rspec-mocks (~> 3.1.0)
    rspec-core (3.1.5)
      rspec-support (~> 3.1.0)
    rspec-expectations (3.1.2)
      diff-lcs (>= 1.2.0, < 2.0)
      rspec-support (~> 3.1.0)
    rspec-mocks (3.1.2)
      rspec-support (~> 3.1.0)
    rspec-support (3.1.1)

PLATFORMS
  ruby

DEPENDENCIES
  awesome_print
  bundler
  daru!
  nmatrix (~> 0.1.0)
  nyaplot
  rake
  rspec
