PATH
  remote: .
  specs:
    daru (0.0.5)

GEM
  remote: https://rubygems.org/
  specs:
    awesome_print (1.2.0)
    backports (3.6.4)
    clbustos-rtf (0.4.2)
    diff-lcs (1.2.5)
    dirty-memoize (0.0.4)
    distribution (0.7.1)
    extendmatrix (0.3.1)
    json (1.8.1)
    minimization (0.2.1)
      text-table (~> 1.2)
    narray (0.6.1.1)
    nmatrix (0.1.0)
      packable (~> 1.3, >= 1.3.5)
      rdoc (~> 4.0, >= 4.0.1)
    nyaplot (0.1.3)
    packable (1.3.6)
      backports
    prawn (0.8.4)
      prawn-core (>= 0.8.4, < 0.9)
      prawn-layout (>= 0.8.4, < 0.9)
      prawn-security (>= 0.8.4, < 0.9)
    prawn-core (0.8.4)
    prawn-layout (0.8.4)
    prawn-security (0.8.4)
    prawn-svg (0.9.1.11)
      prawn (>= 0.8.4)
    rake (10.4.2)
    rb-gsl (1.16.0.4)
      narray (>= 0.5.9)
    rdoc (4.1.2)
      json (~> 1.4)
    reportbuilder (1.4.2)
      clbustos-rtf (~> 0.4.0)
      prawn (~> 0.8.4)
      prawn-svg (~> 0.9.1)
      text-table (~> 1.2)
    rserve-client (0.3.1)
    rspec (3.1.0)
      rspec-core (~> 3.1.0)
      rspec-expectations (~> 3.1.0)
      rspec-mocks (~> 3.1.0)
    rspec-core (3.1.5)
      rspec-support (~> 3.1.0)
    rspec-expectations (3.1.2)
      diff-lcs (>= 1.2.0, < 2.0)
      rspec-support (~> 3.1.0)
    rspec-mocks (3.1.2)
      rspec-support (~> 3.1.0)
    rspec-support (3.1.1)
    ruby-ole (1.2.11.8)
    rubyvis (0.5.2)
    spreadsheet (0.6.9)
      ruby-ole (>= 1.0)
    statsample (1.4.1)
      awesome_print
      dirty-memoize
      distribution
      extendmatrix
      minimization
      rb-gsl
      reportbuilder (~> 1.4)
      rserve-client
      rubyvis (~> 0.5.0)
      spreadsheet (~> 0.6.5)
    text-table (1.2.4)

PLATFORMS
  ruby

DEPENDENCIES
  awesome_print
  bundler
  daru!
  nmatrix (~> 0.1.0)
  nyaplot
  rake
  rspec
  statsample
