GIT
  remote: https://github.com/v0dro/gsl-nmatrix.git
  revision: 8c4bfe190acefb751c7a8c99012ccc8c4331331f
  specs:
    gsl-nmatrix (1.17)
      nmatrix (>= 0.1.0)

PATH
  remote: .
  specs:
    daru (0.0.5)
      reportbuilder (~> 1.4)

GEM
  remote: https://rubygems.org/
  specs:
    awesome_print (1.6.1)
    backports (3.6.4)
    clbustos-rtf (0.4.2)
    diff-lcs (1.2.5)
    distribution (0.7.2)
    nmatrix (0.1.0)
      packable (~> 1.3, >= 1.3.5)
    nyaplot (0.1.5)
    packable (1.3.6)
      backports
    prawn (0.8.4)
      prawn-core (>= 0.8.4, < 0.9)
      prawn-layout (>= 0.8.4, < 0.9)
      prawn-security (>= 0.8.4, < 0.9)
    prawn-core (0.8.4)
    prawn-layout (0.8.4)
    prawn-security (0.8.4)
    prawn-svg (0.9.1.11)
      prawn (>= 0.8.4)
    rake (10.4.2)
    reportbuilder (1.4.2)
      clbustos-rtf (~> 0.4.0)
      prawn (~> 0.8.4)
      prawn-svg (~> 0.9.1)
      text-table (~> 1.2)
    rserve-client (0.3.1)
    rspec (3.2.0)
      rspec-core (~> 3.2.0)
      rspec-expectations (~> 3.2.0)
      rspec-mocks (~> 3.2.0)
    rspec-core (3.2.3)
      rspec-support (~> 3.2.0)
    rspec-expectations (3.2.1)
      diff-lcs (>= 1.2.0, < 2.0)
      rspec-support (~> 3.2.0)
    rspec-mocks (3.2.1)
      diff-lcs (>= 1.2.0, < 2.0)
      rspec-support (~> 3.2.0)
    rspec-support (3.2.2)
    text-table (1.2.4)

PLATFORMS
  ruby

DEPENDENCIES
  awesome_print
  bundler
  daru!
  distribution (~> 0.7)
  gsl-nmatrix!
  nmatrix (~> 0.1.0)
  nyaplot
  rake
  rserve-client (~> 0.3)
  rspec
